GEM
  remote: https://rubygems.org/
  specs:
    ast (2.3.0)
    debase (0.2.1)
      debase-ruby_core_source
    debase-ruby_core_source (0.9.10)
    discordrb (3.2.1)
      discordrb-webhooks (~> 3.2.0.1)
      opus-ruby
      rbnacl (~> 3.4.0)
      rest-client
      websocket-client-simple (>= 0.3.0)
    discordrb-webhooks (3.2.0.1)
      rest-client
    domain_name (0.5.20170404)
      unf (>= 0.0.5, < 1.0.0)
    event_emitter (0.2.6)
    ffi (1.12.2)
    ffi (1.12.2-x64-mingw32)
    http-cookie (1.0.3)
      domain_name (~> 0.5)
    mime-types (3.1)
      mime-types-data (~> 3.2015)
    mime-types-data (3.2016.0521)
    netrc (0.11.0)
    opus-ruby (1.0.1)
      ffi
    parser (2.4.0.0)
      ast (~> 2.2)
    rake (13.0.1)
    rbnacl (3.4.0)
      ffi
    rest-client (2.0.2)
      http-cookie (>= 1.0.2, < 2.0)
      mime-types (>= 1.16, < 4.0)
      netrc (~> 0.8)
    rest-client (2.0.2-x64-mingw32)
      ffi (~> 1.9)
      http-cookie (>= 1.0.2, < 2.0)
      mime-types (>= 1.16, < 4.0)
      netrc (~> 0.8)
    ruby-debug-ide (0.6.0)
      rake (>= 0.8.1)
    ruby-lint (2.3.1)
      parser (~> 2.2)
      slop (~> 3.4, >= 3.4.7)
    slop (3.6.0)
    unf (0.1.4)
      unf_ext
    unf_ext (0.0.7.4)
    unf_ext (0.0.7.4-x64-mingw32)
    websocket (1.2.4)
    websocket-client-simple (0.3.0)
      event_emitter
      websocket

PLATFORMS
  ruby
  x64-mingw32

DEPENDENCIES
  debase
  discordrb
  ruby-debug-ide
  ruby-lint

BUNDLED WITH
   1.15.4
